GEM
  specs:
    ffi (1.9.10)

PLATFORMS
  ruby

DEPENDENCIES
  ffi

BUNDLED WITH
   1.11.2
